PATH
  remote: .
  specs:
    foreman_sentry (0.1.0)
      sentry-raven (~> 1.0)

GEM
  remote: https://rubygems.org/
  specs:
    ast (2.3.0)
    faraday (0.9.2)
      multipart-post (>= 1.2, < 3)
    multipart-post (2.0.0)
    parser (2.3.1.2)
      ast (~> 2.2)
    powerpack (0.1.1)
    rainbow (2.1.0)
    rubocop (0.40.0)
      parser (>= 2.3.1.0, < 3.0)
      powerpack (~> 0.1)
      rainbow (>= 1.99.1, < 3.0)
      ruby-progressbar (~> 1.7)
      unicode-display_width (~> 1.0, >= 1.0.1)
    ruby-progressbar (1.8.1)
    sentry-raven (1.1.0)
      faraday (>= 0.7.6)
    unicode-display_width (1.0.5)

PLATFORMS
  ruby

DEPENDENCIES
  foreman_sentry!
  rubocop (~> 0.40.0)

BUNDLED WITH
   1.12.5
